GIT
  remote: git://github.com/rfc2616/fleakr.git
  revision: a9751d470676e324c2c0bc349b74f2b6695a7e8a
  specs:
    fleakr (0.7.1.2)
      hpricot (>= 0.6.164)
      loggable (>= 0.2.0)

GEM
  remote: https://rubygems.org/
  specs:
    RedCloth (4.2.9)
    classifier (1.3.3)
      fast-stemmer (>= 1.0.0)
    colorator (0.1)
    commander (4.1.5)
      highline (~> 1.6.11)
    commonjs (0.2.7)
    daemons (1.1.9)
    directory_watcher (1.4.1)
    ethon (0.6.1)
      ffi (>= 1.3.0)
      mime-types (~> 1.18)
    eventmachine (1.0.3)
    fast-stemmer (1.0.2)
    ffi (1.9.3)
    haml (4.0.4)
      tilt
    highline (1.6.20)
    hpricot (0.8.6)
    jekyll (1.2.0)
      classifier (~> 1.3)
      colorator (~> 0.1)
      commander (~> 4.1.3)
      directory_watcher (~> 1.4.1)
      liquid (~> 2.5.1)
      maruku (~> 0.5)
      pygments.rb (~> 0.5.0)
      redcarpet (~> 2.2.2)
      safe_yaml (~> 0.7.0)
    jekyll-less (0.0.4)
      jekyll (>= 0.10.0)
      less (>= 2.0.5)
    less (2.4.0)
      commonjs (~> 0.2.7)
    libv8 (3.16.14.3)
    liquid (2.5.3)
    loggable (0.3.0)
    maruku (0.7.0)
    mime-types (1.25)
    mini_portile (0.5.2)
    nokogiri (1.6.0)
      mini_portile (~> 0.5.0)
    posix-spawn (0.3.6)
    pygments.rb (0.5.4)
      posix-spawn (~> 0.3.6)
      yajl-ruby (~> 1.1.0)
    rack (1.5.2)
    rack-jekyll (0.4.1)
      jekyll (>= 0.12.0, < 2.0)
      rack (~> 1.5.0)
    redcarpet (2.2.2)
    ref (1.0.5)
    safe_yaml (0.7.1)
    therubyracer (0.12.0)
      libv8 (~> 3.16.14.0)
      ref
    thin (1.5.1)
      daemons (>= 1.0.9)
      eventmachine (>= 0.12.6)
      rack (>= 1.0.0)
    tilt (1.4.1)
    typhoeus (0.6.6)
      ethon (~> 0.6.1)
    yajl-ruby (1.1.0)

PLATFORMS
  ruby

DEPENDENCIES
  RedCloth
  fleakr!
  haml
  jekyll
  jekyll-less
  liquid (>= 2.5.3)
  nokogiri
  rack-jekyll
  redcarpet (= 2.2.2)
  therubyracer
  thin
  typhoeus
