GIT
  remote: git://github.com/rfc2616/fleakr.git
  revision: a9751d470676e324c2c0bc349b74f2b6695a7e8a
  specs:
    fleakr (0.7.1.2)
      hpricot (>= 0.6.164)
      loggable (>= 0.2.0)

GEM
  remote: https://rubygems.org/
  specs:
    classifier (1.3.3)
      fast-stemmer (>= 1.0.0)
    colorator (0.1)
    commander (4.1.5)
      highline (~> 1.6.11)
    commonjs (0.2.7)
    directory_watcher (1.4.1)
    ethon (0.6.1)
      ffi (>= 1.3.0)
      mime-types (~> 1.18)
    fast-stemmer (1.0.2)
    ffi (1.9.0)
    haml (4.0.3)
      tilt
    highline (1.6.19)
    hpricot (0.8.6)
    jekyll (1.1.2)
      classifier (~> 1.3)
      colorator (~> 0.1)
      commander (~> 4.1.3)
      directory_watcher (~> 1.4.1)
      kramdown (~> 1.0.2)
      liquid (~> 2.5.1)
      maruku (~> 0.5)
      pygments.rb (~> 0.5.0)
      redcarpet (~> 2.2.2)
      safe_yaml (~> 0.7.0)
    jekyll-less (0.0.4)
      jekyll (>= 0.10.0)
      less (>= 2.0.5)
    kramdown (1.0.2)
    less (2.4.0)
      commonjs (~> 0.2.7)
    libv8 (3.11.8.17)
    liquid (2.5.3)
    loggable (0.3.0)
    maruku (0.6.1)
      syntax (>= 1.0.0)
    mime-types (1.25)
    mini_portile (0.5.1)
    nokogiri (1.6.0)
      mini_portile (~> 0.5.0)
    posix-spawn (0.3.6)
    pygments.rb (0.5.2)
      posix-spawn (~> 0.3.6)
      yajl-ruby (~> 1.1.0)
    rack (1.5.2)
    rack-protection (1.5.0)
      rack
    redcarpet (2.2.2)
    ref (1.0.5)
    safe_yaml (0.7.1)
    shotgun (0.9)
      rack (>= 1.0)
    sinatra (1.4.3)
      rack (~> 1.4)
      rack-protection (~> 1.4)
      tilt (~> 1.3, >= 1.3.4)
    syntax (1.0.0)
    therubyracer (0.11.4)
      libv8 (~> 3.11.8.12)
      ref
    tilt (1.4.1)
    typhoeus (0.6.5)
      ethon (~> 0.6.1)
    yajl-ruby (1.1.0)

PLATFORMS
  ruby

DEPENDENCIES
  fleakr!
  haml
  jekyll-less
  liquid (>= 2.5.3)
  nokogiri
  redcarpet (= 2.2.2)
  shotgun
  sinatra
  therubyracer
  typhoeus
